GEM
  remote: https://rubygems.org/
  specs:
    ast (2.4.2)
    byebug (11.1.3)
    json (2.6.2)
    nio4r (2.5.8)
    parallel (1.22.1)
    parser (3.1.2.1)
      ast (~> 2.4.1)
    puma (6.0.0)
      nio4r (~> 2.0)
    rack (3.0.0)
    rainbow (3.1.1)
    regexp_parser (2.6.0)
    rexml (3.2.5)
    roda (3.61.0)
      rack
    rubocop (1.37.0)
      json (~> 2.3)
      parallel (~> 1.10)
      parser (>= 3.1.2.1)
      rainbow (>= 2.2.2, < 4.0)
      regexp_parser (>= 1.8, < 3.0)
      rexml (>= 3.2.5, < 4.0)
      rubocop-ast (>= 1.22.0, < 2.0)
      ruby-progressbar (~> 1.7)
      unicode-display_width (>= 1.4.0, < 3.0)
    rubocop-ast (1.23.0)
      parser (>= 3.1.1.0)
    ruby-progressbar (1.11.0)
    sequel (5.61.0)
    sqlite3 (1.5.3-x86_64-darwin)
    unicode-display_width (2.3.0)

PLATFORMS
  x86_64-darwin-20

DEPENDENCIES
  byebug (~> 11.1)
  puma (~> 6.0)
  roda (~> 3.61)
  rubocop (~> 1.37)
  sequel (~> 5.61)
  sqlite3 (~> 1.5)

BUNDLED WITH
   2.3.22
